GEM
  remote: https://rubygems.org/
  specs:
    minitest (5.15.0)
    ruby2d (0.11.3)

PLATFORMS
  x64-mingw-ucrt

DEPENDENCIES
  minitest
  ruby2d (~> 0.11.3)

BUNDLED WITH
   2.3.23
